ObjectType = Image
NDims = 3
BinaryData = True
BinaryDataByteOrderMSB = False
CompressedData = False
TransformMatrix = 1 -2.40936e-005 -0.000254897 -2.40936e-005 0.982289 -0.187372 0.000254897 0.187372 0.982289
Offset = -97.1782 -83.1735 -11.4223
CenterOfRotation = 0 0 0
AnatomicalOrientation = RAI
ElementSpacing = 0.6875 0.6875 6.5
DimSize = 280 320 22
ElementType = MET_USHORT
ElementDataFile = T1 Mask.raw
