ObjectType = Image
NDims = 3
BinaryData = True
BinaryDataByteOrderMSB = False
CompressedData = False
TransformMatrix = 0.998081 0.0102379 0.061077 3.10045e-006 0.986232 -0.165365 -0.0619291 0.165048 0.984339
Offset = -83.3003 -115.806 -61.4529
CenterOfRotation = 0 0 0
AnatomicalOrientation = RAI
ElementSpacing = 0.6875 0.6875 6.5
DimSize = 260 320 24
ElementType = MET_USHORT
ElementDataFile = T1 Mask.raw
