ObjectType = Image
NDims = 3
BinaryData = True
BinaryDataByteOrderMSB = False
CompressedData = False
TransformMatrix = 0.997537 -0.0640027 0.0286993 0.0680043 0.982726 -0.17212 -0.0171873 0.173648 0.984658
Offset = -95.324 -113.411 -45.7913
CenterOfRotation = 0 0 0
AnatomicalOrientation = RAI
ElementSpacing = 0.6875 0.6875 6.5
DimSize = 260 320 25
ElementType = MET_USHORT
ElementDataFile = T2 Mask.raw
